##TITLE= Parameter file, TopSpin 4.4.1
##JCAMPDX= 5.0
##DATATYPE= Parameter Values
##NPOINTS= 13	$$ modification sequence number
##ORIGIN= Bruker BioSpin GmbH & Co. KG
##OWNER= c7261113
$$ 2025-03-12 21:19:55.543 +0100  lukas@MacBookPro.telekom.ip
$$ /Users/lukas/Desktop/Studium/Chemie/OC/LAB/Spektren/Tri-Acetyl-Guanosine/4_aminopurine/6/pdata/1/proc
$$ process /opt/topspin4.4.1/prog/mod/dataserver
##$ABSF1= 240
##$ABSF2= -10
##$ABSG= 5
##$ABSL= 3
##$ALPHA= 0
##$AQORDER= 0
##$ASSFAC= 0
##$ASSFACI= 0
##$ASSFACX= 0
##$ASSWID= 0
##$AUNMP= <proc_1d>
##$AXLEFT= 0
##$AXNAME= <>
##$AXNUC= <off>
##$AXRIGHT= 0
##$AXTYPE= 0
##$AXUNIT= <>
##$AZFE= 0.1
##$AZFW= 0.5
##$BCFW= 1
##$BC_mod= 2
##$BYTORDP= 0
##$COROFFS= 0
##$CY= 15
##$DATMOD= 1
##$DC= 1
##$DFILT= <>
##$DTYPP= 0
##$ERETIC= no
##$F1P= 218.293018313933
##$F2P= -18.2930054875327
##$FCOR= 0.5
##$FTSIZE= 0
##$FT_mod= 6
##$GAMMA= 1
##$GB= 0
##$INTBC= 1
##$INTSCL= 1
##$ISEN= 30
##$LB= 1
##$LEV0= 0
##$LPBIN= 0
##$MAXI= 10000
##$MC2= 0
##$MEAN= 0
##$ME_mod= 0
##$MI= 0
##$MddCEXP= no
##$MddCT_SP= no
##$MddF180= no
##$MddLAMBDA= 0
##$MddMEMORY= 0
##$MddMERGE= 0
##$MddNCOMP= 0
##$MddNITER= 0
##$MddNOISE= 0
##$MddPHASE= 0
##$MddSEED= 0
##$MddSRSIZE= 0
##$Mdd_CsALG= 0
##$Mdd_CsLAMBDA= 1
##$Mdd_CsNITER= 0
##$Mdd_CsNORM= 0
##$Mdd_CsVE= yes
##$Mdd_CsZF= 0
##$Mdd_LrLAMBDA= 0
##$Mdd_LrNITER= 0
##$Mdd_LrRANK= 0
##$Mdd_LrZF= 0
##$Mdd_mod= 0
##$NCOEF= 0
##$NC_proc= 0
##$NLEV= 6
##$NOISF1= 0
##$NOISF2= 0
##$NSP= 1
##$NTH_PI= 0
##$NZP= 1
##$OFFSET= 218.293018313933
##$PC= 1.4
##$PHC0= -16.0787368432823
##$PHC1= -66.2054206997331
##$PH_mod= 1
##$PKNL= yes
##$PPARMOD= 0
##$PPDIAG= 0
##$PPIPTYP= 0
##$PPMPNUM= 2147483647
##$PPRESOL= 1
##$PSCAL= 0
##$PSIGN= 0
##$PYNMP= <proc.py>
##$RDF1= 0
##$RDF2= 0
##$RDFWHM= 0
##$RDINT= 0
##$RDPOS= 0
##$REVERSE= no
##$SF= 100.637913546
##$SI= 32768
##$SIGF1= 0
##$SIGF2= 0
##$SINO= 0
##$SIOLD= 32768
##$SPECTYP= <>
##$SREF_mod= 1
##$SREGLST= <13C.DMSO>
##$SSB= 0
##$STSI= 0
##$STSR= 0
##$SW_p= 23809.5238095238
##$SYMM= 0
##$S_DEV= 0
##$TDeff= 0
##$TDoff= 0
##$TI= <

>
##$TILT= no
##$TM1= 0
##$TM2= 0
##$TOPLEV= 0
##$USERP1= <>
##$USERP10= <-9.850539489828724E9|1.8101142800346423E11>
##$USERP2= <>
##$USERP3= <>
##$USERP4= <>
##$USERP5= <>
##$USERP6= <>
##$USERP7= <>
##$USERP8= <>
##$USERP9= <>
##$WDW= 1
##$XDIM= 0
##$YMAX_p= 0
##$YMIN_p= 0
##END=
